GEM
  remote: https://rubygems.org/
  specs:
    coderay (1.1.3)
    colored (1.2)
    method_source (1.0.0)
    mini_magick (4.9.5)
    pry (0.14.1)
      coderay (~> 1.1)
      method_source (~> 1.0)
    rake (13.0.6)

PLATFORMS
  universal-darwin-20

DEPENDENCIES
  colored
  mini_magick (~> 4.9.0)
  pry
  rake

BUNDLED WITH
   2.2.6
